PATH
  remote: .
  specs:
    mysampler (0.0.1)
      graphite
      mysql
      sequel

GEM
  remote: https://rubygems.org/
  specs:
    eventmachine (1.0.3)
    graphite (0.2.0)
      eventmachine
      rufus-scheduler
    mysql (2.9.1)
    rake (10.3.1)
    rufus-scheduler (3.0.7)
      tzinfo
    sequel (4.9.0)
    thread_safe (0.3.3)
    tzinfo (1.1.0)
      thread_safe (~> 0.1)

PLATFORMS
  ruby

DEPENDENCIES
  bundler (~> 1.5)
  mysampler!
  rake
